PATH
  remote: ../../himari
  specs:
    himari (0.5.0)
      addressable
      omniauth (>= 2.0)
      openid_connect
      rack-oauth2
      rack-protection
      sinatra (>= 3.0)

PATH
  remote: ../../omniauth-himari
  specs:
    omniauth-himari (0.2.0)
      faraday
      jwt
      oauth2
      omniauth
      omniauth-oauth2

PATH
  remote: ..
  specs:
    himari-aws (0.2.0)
      apigatewayv2_rack
      aws-sdk-dynamodb
      aws-sdk-secretsmanager
      himari

GEM
  remote: https://rubygems.org/
  specs:
    activemodel (7.1.3.2)
      activesupport (= 7.1.3.2)
    activesupport (7.1.3.2)
      base64
      bigdecimal
      concurrent-ruby (~> 1.0, >= 1.0.2)
      connection_pool (>= 2.2.5)
      drb
      i18n (>= 1.6, < 2)
      minitest (>= 5.1)
      mutex_m
      tzinfo (~> 2.0)
    addressable (2.8.6)
      public_suffix (>= 2.0.2, < 6.0)
    aes_key_wrap (1.1.0)
    apigatewayv2_rack (0.2.0)
      rack
    attr_required (1.0.2)
    aws-eventstream (1.3.0)
    aws-partitions (1.927.0)
    aws-sdk-core (3.195.0)
      aws-eventstream (~> 1, >= 1.3.0)
      aws-partitions (~> 1, >= 1.651.0)
      aws-sigv4 (~> 1.8)
      jmespath (~> 1, >= 1.6.1)
    aws-sdk-dynamodb (1.108.0)
      aws-sdk-core (~> 3, >= 3.193.0)
      aws-sigv4 (~> 1.1)
    aws-sdk-secretsmanager (1.92.0)
      aws-sdk-core (~> 3, >= 3.193.0)
      aws-sigv4 (~> 1.1)
    aws-sigv4 (1.8.0)
      aws-eventstream (~> 1, >= 1.0.2)
    base64 (0.2.0)
    bigdecimal (3.1.8)
    bindata (2.5.0)
    concurrent-ruby (1.2.3)
    connection_pool (2.4.1)
    date (3.3.4)
    drb (2.2.1)
    email_validator (2.2.4)
      activemodel
    faraday (2.9.0)
      faraday-net_http (>= 2.0, < 3.2)
    faraday-follow_redirects (0.3.0)
      faraday (>= 1, < 3)
    faraday-net_http (3.1.0)
      net-http
    hashie (5.0.0)
    i18n (1.14.5)
      concurrent-ruby (~> 1.0)
    jmespath (1.6.2)
    json-jwt (1.16.6)
      activesupport (>= 4.2)
      aes_key_wrap
      base64
      bindata
      faraday (~> 2.0)
      faraday-follow_redirects
    jwt (2.8.1)
      base64
    mail (2.8.1)
      mini_mime (>= 0.1.1)
      net-imap
      net-pop
      net-smtp
    mini_mime (1.1.5)
    mini_portile2 (2.8.6)
    minitest (5.22.3)
    multi_xml (0.7.1)
      bigdecimal (~> 3.1)
    mustermann (3.0.0)
      ruby2_keywords (~> 0.0.1)
    mutex_m (0.2.0)
    net-http (0.4.1)
      uri
    net-imap (0.4.11)
      date
      net-protocol
    net-pop (0.1.2)
      net-protocol
    net-protocol (0.2.2)
      timeout
    net-smtp (0.5.0)
      net-protocol
    nokogiri (1.16.4)
      mini_portile2 (~> 2.8.2)
      racc (~> 1.4)
    oauth2 (2.0.9)
      faraday (>= 0.17.3, < 3.0)
      jwt (>= 1.0, < 3.0)
      multi_xml (~> 0.5)
      rack (>= 1.2, < 4)
      snaky_hash (~> 2.0)
      version_gem (~> 1.1)
    omniauth (2.1.2)
      hashie (>= 3.4.6)
      rack (>= 2.2.3)
      rack-protection
    omniauth-apple (1.3.0)
      json-jwt
      omniauth-oauth2
    omniauth-auth0 (3.1.1)
      omniauth (~> 2)
      omniauth-oauth2 (~> 1)
    omniauth-discord (1.2.0)
      omniauth-oauth2 (~> 1.6)
    omniauth-github (2.0.1)
      omniauth (~> 2.0)
      omniauth-oauth2 (~> 1.8)
    omniauth-gitlab (4.1.0)
      omniauth (~> 2.0)
      omniauth-oauth2 (~> 1.8.0)
    omniauth-google-oauth2 (1.1.2)
      jwt (>= 2.0)
      oauth2 (~> 2.0)
      omniauth (~> 2.0)
      omniauth-oauth2 (~> 1.8)
    omniauth-oauth2 (1.8.0)
      oauth2 (>= 1.4, < 3)
      omniauth (~> 2.0)
    omniauth-saml (2.1.0)
      omniauth (~> 2.0)
      ruby-saml (~> 1.12)
    openid_connect (2.3.0)
      activemodel
      attr_required (>= 1.0.0)
      email_validator
      faraday (~> 2.0)
      faraday-follow_redirects
      json-jwt (>= 1.16)
      mail
      rack-oauth2 (~> 2.2)
      swd (~> 2.0)
      tzinfo
      validate_url
      webfinger (~> 2.0)
    public_suffix (5.0.5)
    racc (1.7.3)
    rack (3.0.11)
    rack-cors (2.0.2)
      rack (>= 2.0.0)
    rack-oauth2 (2.2.1)
      activesupport
      attr_required
      faraday (~> 2.0)
      faraday-follow_redirects
      json-jwt (>= 1.11.0)
      rack (>= 2.1.0)
    rack-protection (4.0.0)
      base64 (>= 0.1.0)
      rack (>= 3.0.0, < 4)
    rack-session (2.0.0)
      rack (>= 3.0.0)
    rexml (3.2.6)
    ruby-saml (1.16.0)
      nokogiri (>= 1.13.10)
      rexml
    ruby2_keywords (0.0.5)
    secure_headers (6.5.0)
    sinatra (4.0.0)
      mustermann (~> 3.0)
      rack (>= 3.0.0, < 4)
      rack-protection (= 4.0.0)
      rack-session (>= 2.0.0, < 3)
      tilt (~> 2.0)
    snaky_hash (2.0.1)
      hashie
      version_gem (~> 1.1, >= 1.1.1)
    swd (2.0.3)
      activesupport (>= 3)
      attr_required (>= 0.0.5)
      faraday (~> 2.0)
      faraday-follow_redirects
    tilt (2.3.0)
    timeout (0.4.1)
    tzinfo (2.0.6)
      concurrent-ruby (~> 1.0)
    uri (0.13.0)
    validate_url (1.0.15)
      activemodel (>= 3.0.0)
      public_suffix
    version_gem (1.1.4)
    webfinger (2.1.3)
      activesupport
      faraday (~> 2.0)
      faraday-follow_redirects

PLATFORMS
  ruby

DEPENDENCIES
  apigatewayv2_rack (>= 0.1.3)
  himari!
  himari-aws!
  nokogiri
  omniauth-apple
  omniauth-auth0
  omniauth-discord
  omniauth-github
  omniauth-gitlab
  omniauth-google-oauth2
  omniauth-himari!
  omniauth-oauth2
  omniauth-saml
  rack-cors
  secure_headers

BUNDLED WITH
   2.4.10
